GEM
  remote: http://rubygems.org/
  specs:
    addressable (2.2.7)
    chunky_png (1.2.5)
    compass (0.11.6)
      chunky_png (~> 1.2)
      fssm (>= 0.2.7)
      sass (~> 3.1)
    data_objects (0.10.8)
      addressable (~> 2.1)
    dm-core (1.2.0)
      addressable (~> 2.2.6)
    dm-do-adapter (1.2.0)
      data_objects (~> 0.10.6)
      dm-core (~> 1.2.0)
    dm-migrations (1.2.0)
      dm-core (~> 1.2.0)
    dm-sqlite-adapter (1.2.0)
      dm-do-adapter (~> 1.2.0)
      do_sqlite3 (~> 0.10.6)
    do_sqlite3 (0.10.8)
      data_objects (= 0.10.8)
    faraday (0.8.1)
      multipart-post (~> 1.1)
    fssm (0.2.7)
    grid-coordinates (1.1.9)
      compass (>= 0.11.5)
    haml (3.1.4)
    hashie (1.2.0)
    json (1.7.0)
    microsoft_translator (0.1.1)
      nokogiri (>= 1.4.0)
      rest-client (>= 1.6.0)
    mime-types (1.18)
    multi_json (1.3.4)
    multipart-post (1.1.5)
    nokogiri (1.5.2)
    oauth (0.4.5)
    omniauth (1.1.0)
      hashie (~> 1.2)
      rack
    omniauth-oauth (1.0.1)
      oauth
      omniauth (~> 1.0)
    omniauth-twitter (0.0.12)
      multi_json (~> 1.3)
      omniauth-oauth (~> 1.0)
    rack (1.4.0)
    rake (0.9.2)
    rest-client (1.6.7)
      mime-types (>= 1.16)
    sass (3.1.12)
    shotgun (0.9)
      rack (>= 1.0)
    simple_oauth (0.1.8)
    sinatra (1.2.7)
      rack (~> 1.1)
      tilt (>= 1.2.2, < 2.0)
    tilt (1.3.3)
    twitter (3.1.0)
      faraday (~> 0.8)
      multi_json (~> 1.3)
      simple_oauth (~> 0.1.6)

PLATFORMS
  ruby

DEPENDENCIES
  compass (~> 0.11.6)
  dm-core
  dm-migrations
  dm-sqlite-adapter
  grid-coordinates (~> 1.1.4)
  haml (~> 3.1.4)
  json
  microsoft_translator (~> 0.1.1)
  omniauth
  omniauth-twitter
  rake
  sass (~> 3.1.12)
  shotgun (~> 0.9)
  sinatra (~> 1.2.3)
  twitter
