GEM
  remote: http://rubygems.org/
  specs:
    addressable (2.2.8)
    chunky_png (1.2.5)
    compass (0.12.2)
      chunky_png (~> 1.2)
      fssm (>= 0.2.7)
      sass (~> 3.1)
    data_objects (0.10.8)
      addressable (~> 2.1)
    dm-core (1.2.0)
      addressable (~> 2.2.6)
    dm-do-adapter (1.2.0)
      data_objects (~> 0.10.6)
      dm-core (~> 1.2.0)
    dm-migrations (1.2.0)
      dm-core (~> 1.2.0)
    dm-postgres-adapter (1.2.0)
      dm-do-adapter (~> 1.2.0)
      do_postgres (~> 0.10.6)
    dm-sqlite-adapter (1.2.0)
      dm-do-adapter (~> 1.2.0)
      do_sqlite3 (~> 0.10.6)
    do_postgres (0.10.8)
      data_objects (= 0.10.8)
    do_sqlite3 (0.10.8)
      data_objects (= 0.10.8)
    faraday (0.8.1)
      multipart-post (~> 1.1)
    fssm (0.2.9)
    grid-coordinates (1.1.9)
      compass (>= 0.11.5)
    haml (3.1.6)
    hashie (1.2.0)
    json (1.7.3)
    microsoft_translator (0.1.1)
      nokogiri (>= 1.4.0)
      rest-client (>= 1.6.0)
    mime-types (1.19)
    multi_json (1.3.6)
    multipart-post (1.1.5)
    nokogiri (1.5.5)
    oauth (0.4.6)
    omniauth (1.1.0)
      hashie (~> 1.2)
      rack
    omniauth-oauth (1.0.1)
      oauth
      omniauth (~> 1.0)
    omniauth-twitter (0.0.12)
      multi_json (~> 1.3)
      omniauth-oauth (~> 1.0)
    pg (0.14.0)
    rack (1.4.1)
    rake (0.9.2.2)
    rest-client (1.6.7)
      mime-types (>= 1.16)
    sass (3.1.20)
    sassy-buttons (0.1.1)
      compass (>= 0.12.1)
    shotgun (0.9)
      rack (>= 1.0)
    simple_oauth (0.1.8)
    sinatra (1.2.8)
      rack (~> 1.1)
      tilt (>= 1.2.2, < 2.0)
    sqlite3 (1.3.6)
    tilt (1.3.3)
    twitter (3.1.1)
      faraday (~> 0.8)
      multi_json (~> 1.3)
      simple_oauth (~> 0.1.6)

PLATFORMS
  ruby

DEPENDENCIES
  compass
  dm-core
  dm-migrations
  dm-postgres-adapter
  dm-sqlite-adapter
  grid-coordinates (~> 1.1.4)
  haml (~> 3.1.4)
  json
  microsoft_translator (~> 0.1.1)
  omniauth
  omniauth-twitter
  pg
  rake
  sass
  sassy-buttons
  shotgun (~> 0.9)
  sinatra (~> 1.2.3)
  sqlite3
  twitter
